GEM
  remote: https://rubygems.org/
  specs:
    coderay (1.1.1)
    foreman (0.84.0)
      thor (~> 0.19.1)
    method_source (0.8.2)
    mustermann (1.0.0)
    pry (0.10.4)
      coderay (~> 1.1.0)
      method_source (~> 0.8.1)
      slop (~> 3.4)
    puma (3.8.2)
    rack (2.0.1)
    rack-protection (2.0.0)
      rack
    rb-readline (0.5.4)
    sinatra (2.0.0)
      mustermann (~> 1.0)
      rack (~> 2.0)
      rack-protection (= 2.0.0)
      tilt (~> 2.0)
    slop (3.6.0)
    thor (0.19.4)
    tilt (2.0.7)

PLATFORMS
  ruby

DEPENDENCIES
  foreman
  pry
  puma
  rb-readline
  sinatra

BUNDLED WITH
   1.14.6
